GEM
  remote: https://rubygems.org/
  specs:
    ffi (1.15.4-x64-mingw32)
    listen (3.7.0)
      rb-fsevent (~> 0.10, >= 0.10.3)
      rb-inotify (~> 0.9, >= 0.9.10)
    mustermann (1.0.3)
    rack (2.0.5)
    rack-protection (2.0.3)
      rack
    rb-fsevent (0.11.0)
    rb-inotify (0.10.1)
      ffi (~> 1.0)
    rerun (0.13.1)
      listen (~> 3.0)
    sinatra (2.0.3)
      mustermann (~> 1.0)
      rack (~> 2.0)
      rack-protection (= 2.0.3)
      tilt (~> 2.0)
    tilt (2.0.8)
    wdm (0.1.1)

PLATFORMS
  x64-mingw32

DEPENDENCIES
  rerun
  sinatra (>= 2.0.1)
  wdm (>= 0.1.0)

RUBY VERSION
   ruby 2.7.4p191

BUNDLED WITH
   2.2.29
